PATH
  remote: .
  specs:
    memflash (2.0.1)
      actionpack (>= 3.2.15, < 4.2)

GEM
  remote: https://rubygems.org/
  specs:
    actionpack (4.1.8)
      actionview (= 4.1.8)
      activesupport (= 4.1.8)
      rack (~> 1.5.2)
      rack-test (~> 0.6.2)
    actionview (4.1.8)
      activesupport (= 4.1.8)
      builder (~> 3.1)
      erubis (~> 2.7.0)
    activesupport (4.1.8)
      i18n (~> 0.6, >= 0.6.9)
      json (~> 1.7, >= 1.7.7)
      minitest (~> 5.1)
      thread_safe (~> 0.1)
      tzinfo (~> 1.1)
    builder (3.2.2)
    bump (0.5.1)
    erubis (2.7.0)
    i18n (0.6.11)
    json (1.8.1)
    metaclass (0.0.4)
    minitest (5.5.0)
    minitest-rg (5.1.0)
      minitest (~> 5.0)
    mocha (1.1.0)
      metaclass (~> 0.0.1)
    rack (1.5.2)
    rack-test (0.6.2)
      rack (>= 1.0)
    rake (10.4.2)
    thread_safe (0.3.4)
    tzinfo (1.2.2)
      thread_safe (~> 0.1)
    wwtd (0.5.5)

PLATFORMS
  ruby

DEPENDENCIES
  bump
  memflash!
  minitest
  minitest-rg
  mocha
  rake
  wwtd
