PATH
  remote: .
  specs:
    memflash (1.0.0)
      actionpack (>= 2.3.6, < 3.3)

GEM
  remote: http://rubygems.org/
  specs:
    actionmailer (2.3.14)
      actionpack (= 2.3.14)
    actionpack (2.3.14)
      activesupport (= 2.3.14)
      rack (~> 1.1.0)
    activerecord (2.3.14)
      activesupport (= 2.3.14)
    activeresource (2.3.14)
      activesupport (= 2.3.14)
    activesupport (2.3.14)
    appraisal (0.4.1)
      bundler
      rake
    git (1.2.5)
    jeweler (1.6.4)
      bundler (~> 1.0)
      git (>= 1.2.5)
      rake
    metaclass (0.0.1)
    mocha (0.11.4)
      metaclass (~> 0.0.1)
    rack (1.1.3)
    rails (2.3.14)
      actionmailer (= 2.3.14)
      actionpack (= 2.3.14)
      activerecord (= 2.3.14)
      activeresource (= 2.3.14)
      activesupport (= 2.3.14)
      rake (>= 0.8.3)
    rake (0.9.2.2)
    shoulda (2.11.3)
    test-unit (2.2.0)

PLATFORMS
  ruby

DEPENDENCIES
  appraisal
  jeweler
  memflash!
  mocha
  rails
  rake
  shoulda
  test-unit (= 2.2.0)
